GEM
  remote: http://rubygems.org/
  specs:
    chunky_png (1.2.5)
    compass (0.13.alpha.0)
      chunky_png (~> 1.2)
      fssm (>= 0.2.7)
      sass (~> 3.2.0.alpha.93)
    compass-rails (1.0.3)
      compass (>= 0.12.2, < 0.14)
    fssm (0.2.9)
    sass (3.2.0.alpha.261)
    susy (1.0.rc.2)
      compass (>= 0.12.2)
      sass (>= 3.2.0.alpha.247)

PLATFORMS
  ruby

DEPENDENCIES
  compass (>= 0.13.alpha.0)
  compass-rails (>= 1.0.2)
  susy
